GEM
  remote: https://rubygems.org/
  specs:
    mysql2 (0.3.21)

PLATFORMS
  ruby

DEPENDENCIES
  mysql2 (~> 0.3.17)

BUNDLED WITH
   1.15.3
