GEM
  remote: https://rubygems.org/
  specs:
    dbd-jdbc (0.1.4)
    dbi (0.4.5)
      deprecated (= 2.0.1)
    deprecated (2.0.1)
    jdbc-mysql (5.1.42)
    redis (3.3.3)
    trollop (2.1.2)
    unicode (0.4.4.4)
    unicode (0.4.4.4-java)

PLATFORMS
  java
  ruby

DEPENDENCIES
  dbd-jdbc
  dbi
  jdbc-mysql
  redis
  trollop
  unicode

BUNDLED WITH
   1.15.4
